GEM
  remote: https://rubygems.org/
  specs:
    ffi (1.10.0)
    ffi-aspell (1.1.0)
      ffi
    kramdown (1.17.0)
    mdspell (0.2.0)
      ffi-aspell (~> 1.1)
      kramdown (~> 1.8)
      mixlib-cli (~> 1.5)
      mixlib-config (~> 2.2)
      rainbow (~> 2.0)
    mixlib-cli (1.7.0)
    mixlib-config (2.2.18)
      tomlrb
    rainbow (2.2.2)
      rake
    rake (12.3.2)
    tomlrb (1.2.8)

PLATFORMS
  ruby

DEPENDENCIES
  mdspell (>= 0.2.0)
  rake

BUNDLED WITH
   2.0.1
